GEM
  remote: https://rubygems.org/
  specs:
    httparty (0.21.0)
      mini_mime (>= 1.0.0)
      multi_xml (>= 0.5.2)
    mini_mime (1.1.2)
    multi_xml (0.6.0)
    rake (11.3.0)

PLATFORMS
  ruby

DEPENDENCIES
  httparty (~> 0.21.0)
  rake (~> 11.2, >= 11.2.2)

BUNDLED WITH
   2.0.2
